PATH
  remote: .
  specs:
    watchcat (0.1.0)
      rb_sys

GEM
  remote: https://rubygems.org/
  specs:
    debug (1.8.0)
      irb (>= 1.5.0)
      reline (>= 0.3.1)
    io-console (0.6.0)
    irb (1.6.4)
      reline (>= 0.3.0)
    minitest (5.19.0)
    minitest-retry (0.2.2)
      minitest (>= 5.0)
    nokogiri (1.15.4-x86_64-darwin)
      racc (~> 1.4)
    nokogiri (1.15.4-x86_64-linux)
      racc (~> 1.4)
    racc (1.7.1)
    rake (13.0.6)
    rake-compiler (1.2.5)
      rake
    rb_sys (0.9.81)
    reline (0.3.4)
      io-console (~> 0.5)
    ruby_memcheck (2.0.1)
      nokogiri

PLATFORMS
  x86_64-darwin-19
  x86_64-darwin-20
  x86_64-linux

DEPENDENCIES
  debug
  minitest
  minitest-retry
  rake
  rake-compiler
  ruby_memcheck
  watchcat!

BUNDLED WITH
   2.3.17
