PATH
  remote: .
  specs:
    watchcat (0.1.0)
      rb_sys

GEM
  remote: https://rubygems.org/
  specs:
    debug (1.7.1)
      irb (>= 1.5.0)
      reline (>= 0.3.1)
    io-console (0.6.0)
    irb (1.6.2)
      reline (>= 0.3.0)
    minitest (5.16.3)
    rake (13.0.6)
    rake-compiler (1.2.0)
      rake
    rb_sys (0.9.50)
    reline (0.3.2)
      io-console (~> 0.5)

PLATFORMS
  x86_64-darwin-19
  x86_64-linux

DEPENDENCIES
  debug
  minitest
  rake
  rake-compiler
  watchcat!

BUNDLED WITH
   2.3.17
