PATH
  remote: .
  specs:
    watchcat (0.1.0)
      rb_sys

GEM
  remote: https://rubygems.org/
  specs:
    minitest (5.16.3)
    rake (13.0.6)
    rake-compiler (1.2.0)
      rake
    rb_sys (0.9.50)

PLATFORMS
  x86_64-linux

DEPENDENCIES
  minitest (~> 5.0)
  rake (~> 13.0)
  rake-compiler
  watchcat!

BUNDLED WITH
   2.3.17
