PATH
  remote: .
  specs:
    watchcat (0.1.0)
      drb
      rb_sys

GEM
  remote: https://rubygems.org/
  specs:
    debug (1.9.2)
      irb (~> 1.10)
      reline (>= 0.3.8)
    drb (2.2.1)
    io-console (0.7.2)
    irb (1.12.0)
      rdoc
      reline (>= 0.4.2)
    minitest (5.22.3)
    minitest-retry (0.2.2)
      minitest (>= 5.0)
    nokogiri (1.16.0-x86_64-darwin)
      racc (~> 1.4)
    nokogiri (1.16.0-x86_64-linux)
      racc (~> 1.4)
    psych (5.1.2)
      stringio
    racc (1.7.3)
    rake (13.2.1)
    rake-compiler (1.2.7)
      rake
    rb_sys (0.9.94)
    rdoc (6.6.3.1)
      psych (>= 4.0.0)
    reline (0.5.1)
      io-console (~> 0.5)
    ruby_memcheck (2.3.0)
      nokogiri
    stringio (3.1.0)

PLATFORMS
  x86_64-darwin-19
  x86_64-darwin-20
  x86_64-linux

DEPENDENCIES
  debug
  minitest
  minitest-retry
  rake
  rake-compiler
  ruby_memcheck
  watchcat!

BUNDLED WITH
   2.5.4
