PATH
  remote: .
  specs:
    watchcat (0.1.0)
      rb_sys

GEM
  remote: https://rubygems.org/
  specs:
    debug (1.8.0)
      irb (>= 1.5.0)
      reline (>= 0.3.1)
    io-console (0.6.0)
    irb (1.6.4)
      reline (>= 0.3.0)
    minitest (5.18.0)
    minitest-retry (0.2.2)
      minitest (>= 5.0)
    rake (13.0.6)
    rake-compiler (1.2.1)
      rake
    rb_sys (0.9.78)
    reline (0.3.4)
      io-console (~> 0.5)

PLATFORMS
  x86_64-darwin-19
  x86_64-darwin-20
  x86_64-linux

DEPENDENCIES
  debug
  minitest
  minitest-retry
  rake
  rake-compiler
  watchcat!

BUNDLED WITH
   2.3.17
